GEM
  remote: https://rubygems.org/
  specs:
    addressable (2.8.7)
      public_suffix (>= 2.0.2, < 7.0)
    connection_pool (2.4.1)
    domain_name (0.5.20190701)
      unf (>= 0.0.5, < 1.0.0)
    expo-server-sdk (0.1.4)
      connection_pool (~> 2.2)
      http (>= 4.0, < 6.0)
    ffi (1.17.0)
    ffi-compiler (1.0.1)
      ffi (>= 1.0.0)
      rake
    http (5.1.0)
      addressable (~> 2.8)
      http-cookie (~> 1.0)
      http-form_data (~> 2.2)
      llhttp-ffi (~> 0.4.0)
    http-cookie (1.0.5)
      domain_name (~> 0.5)
    http-form_data (2.3.0)
    language_server-protocol (3.17.0.2)
    llhttp-ffi (0.4.0)
      ffi-compiler (~> 1.0)
      rake (~> 13.0)
    prettier_print (1.1.0)
    public_suffix (6.0.0)
    rake (13.2.1)
    ruby-lsp (0.3.6)
      language_server-protocol (~> 3.17.0)
      sorbet-runtime
      syntax_tree (>= 4.0.2, < 5.0.0)
    sorbet-runtime (0.5.10575)
    syntax_tree (4.3.0)
      prettier_print (>= 1.0.2)
    unf (0.1.4)
      unf_ext
    unf_ext (0.0.9.1)

PLATFORMS
  arm64-darwin-21
  ruby

DEPENDENCIES
  addressable (= 2.8.7)
  connection_pool (= 2.4.1)
  domain_name (= 0.5.20190701)
  expo-server-sdk (= 0.1.4)
  ffi (= 1.17.0)
  http (= 5.1.0)
  http-cookie (= 1.0.5)
  http-form_data (= 2.3.0)
  llhttp-ffi (= 0.4.0)
  public_suffix (= 6.0.0)
  rake (= 13.2.1)
  ruby-lsp (~> 0.3.6)
  unf (= 0.1.4)
  unf_ext (= 0.0.9.1)

BUNDLED WITH
   2.4.4
