GEM
  remote: https://rubygems.org/
  specs:
    language_server-protocol (3.17.0.3)
    prettier_print (1.2.1)
    ruby-lsp (0.3.8)
      language_server-protocol (~> 3.17.0)
      sorbet-runtime
      syntax_tree (>= 5.0.0, < 6)
    sorbet-runtime (0.5.11504)
    syntax_tree (5.3.0)
      prettier_print (>= 1.2.0)

PLATFORMS
  ruby

DEPENDENCIES
  ruby-lsp (~> 0.3.6)

BUNDLED WITH
   2.4.4
