GEM
  remote: https://rubygems.org/
  specs:
    language_server-protocol (3.17.0.2)
    prettier_print (1.1.0)
    ruby-lsp (0.3.6)
      language_server-protocol (~> 3.17.0)
      sorbet-runtime
      syntax_tree (>= 4.0.2, < 5.0.0)
    sorbet-runtime (0.5.10575)
    syntax_tree (4.3.0)
      prettier_print (>= 1.0.2)

PLATFORMS
  arm64-darwin-21
  ruby

DEPENDENCIES
  ruby-lsp (~> 0.3.6)

BUNDLED WITH
   2.4.4
